GEM
  remote: http://rubygems.org/
  specs:
    haml (3.1.3)
    rack (1.4.1)
    sass (3.1.19)
    sinatra (1.2.7)
      rack (~> 1.1)
      tilt (< 2.0, >= 1.2.2)
    tilt (1.3.3)

PLATFORMS
  ruby

DEPENDENCIES
  haml
  sass
  sinatra
